GIT
  remote: git://github.com/amro/gibbon.git
  revision: c07f0923372244bf50983cb4752ceb3f254461a1
  specs:
    gibbon (2.2.3)
      faraday (>= 0.9.1)
      multi_json (>= 1.11.0)

GIT
  remote: git://github.com/daws/exact_target_sdk.git
  revision: 64fde8f61356a5f0c75586a10b07d175adfeac12
  specs:
    exact_target_sdk (1.0.1)
      activemodel (>= 3.0)
      activesupport (>= 3.0)
      guid (~> 0.1)
      savon (~> 2.4)

GIT
  remote: git://github.com/dmferrari/fat_fingers.git
  revision: 312cc746dbd782b4cd625c6bce02d6dfda8422b0
  specs:
    fat_fingers (0.1.26)

GIT
  remote: git://github.com/ifad/data-confirm-modal.git
  revision: 009c7204267e02e1029ade2421e9083522008547
  branch: bootstrap2
  specs:
    data-confirm-modal (1.0.1)
      railties (>= 3.0)

GIT
  remote: git://github.com/sebastianGitDL/jquery-datatables.git
  revision: e4dbfe123113a2b75cfd9105968691f65d8531f2
  specs:
    jquery-datatables (1.10.13)

GIT
  remote: git://github.com/stoneacre/exception_notification.git
  revision: 0f53fc191ef7b9b7dd31616e9f220820c8829cf0
  specs:
    exception_notification (4.1.0)
      actionmailer (>= 3.0.4)
      activesupport (>= 3.0.4)

GIT
  remote: git://github.com/stoneacre/yard.git
  revision: db6bf49c6d331c1f6b6144ed5bbb767981903bd5
  specs:
    yard (0.8.7)

GIT
  remote: git://github.com/stympy/faker.git
  revision: c9152c0cada4ced929435247bbff0bcda756155d
  specs:
    faker (1.6.6)
      i18n (~> 0.5)

GIT
  remote: https://github.com/brynary/rack-bug.git
  revision: 1e6d33664fb21a5f08836e5d8a9d7bfcc47c8d81
  branch: rails3
  specs:
    rack-bug (0.3.0)
      rack (>= 1.0)

GEM
  remote: http://rubygems.org/
  specs:
    LitleOnline (8.16.0)
      xml-mapping
      xml-object
    actionmailer (4.2.3)
      actionpack (= 4.2.3)
      actionview (= 4.2.3)
      activejob (= 4.2.3)
      mail (~> 2.5, >= 2.5.4)
      rails-dom-testing (~> 1.0, >= 1.0.5)
    actionpack (4.2.3)
      actionview (= 4.2.3)
      activesupport (= 4.2.3)
      rack (~> 1.6)
      rack-test (~> 0.6.2)
      rails-dom-testing (~> 1.0, >= 1.0.5)
      rails-html-sanitizer (~> 1.0, >= 1.0.2)
    actionview (4.2.3)
      activesupport (= 4.2.3)
      builder (~> 3.1)
      erubis (~> 2.7.0)
      rails-dom-testing (~> 1.0, >= 1.0.5)
      rails-html-sanitizer (~> 1.0, >= 1.0.2)
    activejob (4.2.3)
      activesupport (= 4.2.3)
      globalid (>= 0.3.0)
    activemerchant (1.54.0)
      activesupport (>= 3.2.14, < 5.0.0)
      builder (>= 2.1.2, < 4.0.0)
      i18n (>= 0.6.9)
      nokogiri (~> 1.4)
    activemodel (4.2.3)
      activesupport (= 4.2.3)
      builder (~> 3.1)
    activerecord (4.2.3)
      activemodel (= 4.2.3)
      activesupport (= 4.2.3)
      arel (~> 6.0)
    activesupport (4.2.3)
      i18n (~> 0.7)
      json (~> 1.7, >= 1.7.7)
      minitest (~> 5.1)
      thread_safe (~> 0.3, >= 0.3.4)
      tzinfo (~> 1.1)
    acts_as_list (0.9.1)
      activerecord (>= 3.0)
    addressable (2.4.0)
    akami (1.3.1)
      gyoku (>= 0.4.0)
      nokogiri
    ansi (1.4.3)
    arel (6.0.4)
    attr_required (1.0.1)
    aws-sdk (1.66.0)
      aws-sdk-v1 (= 1.66.0)
    aws-sdk-v1 (1.66.0)
      json (~> 1.4)
      nokogiri (>= 1.4.4)
    axlsx (2.0.1)
      htmlentities (~> 4.3.1)
      nokogiri (>= 1.4.1)
      rubyzip (~> 1.0.0)
    bcrypt (3.1.10)
    bootstrap-will_paginate (0.0.9)
      will_paginate
    brakeman (2.0.0)
      erubis (~> 2.6)
      fastercsv (~> 1.5)
      haml (>= 3.0, < 5.0)
      highline (~> 1.6.19)
      multi_json (~> 1.2)
      ruby2ruby (~> 2.0.5)
      ruby_parser (~> 3.1.1)
      sass (~> 3.0)
      slim (~> 1.3.6)
      terminal-table (~> 1.4)
    builder (3.2.3)
    bureaucrat (0.10.2)
    byebug (6.0.2)
    cancan (1.6.10)
    capistrano (2.15.4)
      highline
      net-scp (>= 1.0.0)
      net-sftp (>= 2.0.0)
      net-ssh (>= 2.0.14)
      net-ssh-gateway (>= 1.1.0)
    capybara (2.1.0)
      mime-types (>= 1.16)
      nokogiri (>= 1.3.3)
      rack (>= 1.0.0)
      rack-test (>= 0.5.4)
      xpath (~> 2.0)
    carmen (1.0.0)
      unicode_utils (~> 1.4.0)
    carmen-rails (1.0.0)
      carmen (~> 1.0.0.beta2)
      rails
    childprocess (0.5.9)
      ffi (~> 1.0, >= 1.0.11)
    choice (0.1.6)
    climate_control (0.0.3)
      activesupport (>= 3.0)
    cocaine (0.5.1)
      climate_control (>= 0.0.3, < 1.0)
    coffee-rails (4.1.0)
      coffee-script (>= 2.2.0)
      railties (>= 4.0.0, < 5.0)
    coffee-script (2.4.1)
      coffee-script-source
      execjs
    coffee-script-source (1.9.1.1)
    connection_pool (2.2.0)
    country_code_select (1.0.1)
      activesupport (>= 3.0)
    crack (0.4.3)
      safe_yaml (~> 1.0.0)
    css_parser (1.4.5)
      addressable
    daemons (1.1.9)
    delayed_job (4.1.2)
      activesupport (>= 3.0, < 5.1)
    delayed_job_active_record (4.1.1)
      activerecord (>= 3.0, < 5.1)
      delayed_job (>= 3.0, < 5)
    delayed_job_web (1.2.10)
      activerecord (> 3.0.0)
      delayed_job (> 2.0.3)
      sinatra (>= 1.4.4)
    devise (3.5.2)
      bcrypt (~> 3.0)
      orm_adapter (~> 0.1)
      railties (>= 3.2.6, < 5)
      responders
      thread_safe (~> 0.1)
      warden (~> 1.2.3)
    devise-async (0.10.1)
      devise (~> 3.2)
    devise-encryptable (0.2.0)
      devise (>= 2.1.0)
    domain_name (0.5.20160216)
      unf (>= 0.0.5, < 1.0.0)
    dotenv (0.7.0)
    easy_roles (1.2.0)
    encryptor (1.1.3)
    enum_help (0.0.15)
    erubis (2.7.0)
    eventmachine (1.0.8)
    excon (0.38.0)
    execjs (2.6.0)
    factory_girl (4.2.0)
      activesupport (>= 3.0.0)
    factory_girl_rails (4.2.1)
      factory_girl (~> 4.2.0)
      railties (>= 3.0.0)
    faraday (0.9.2)
      multipart-post (>= 1.2, < 3)
    faraday_middleware (0.10.0)
      faraday (>= 0.7.4, < 0.10)
    fastercsv (1.5.5)
    fattr (2.2.1)
    fb_graph2 (0.7.7)
      activesupport (>= 3.2)
      httpclient (>= 2.4)
      multi_json
      rack-oauth2 (>= 1.1)
      url_safe_base64
    ffi (1.9.14)
    foreman (0.63.0)
      dotenv (>= 0.7)
      thor (>= 0.13.6)
    friendly_id (5.1.0)
      activerecord (>= 4.0.0)
    globalid (0.3.6)
      activesupport (>= 4.1.0)
    guid (0.1.1)
    gyoku (1.3.1)
      builder (>= 2.1.2)
    haml (4.0.3)
      tilt
    hashie (3.4.2)
    hashr (0.0.22)
    highline (1.6.21)
    htmlentities (4.3.1)
    http-cookie (1.0.2)
      domain_name (~> 0.5)
    http_parser.rb (0.5.3)
    httparty (0.13.7)
      json (~> 1.8)
      multi_xml (>= 0.5.2)
    httpclient (2.8.0)
    httpi (2.4.1)
      rack
    i18n (0.7.0)
    i18n-country-translations (1.0.1)
      i18n (~> 0.5)
      railties (>= 3.0.0)
    jquery-rails (4.0.5)
      rails-dom-testing (~> 1.0)
      railties (>= 4.2.0)
      thor (>= 0.14, < 2.0)
    jquery-ui-rails (5.0.5)
      railties (>= 3.2.16)
    json (1.8.3)
    loofah (2.0.3)
      nokogiri (>= 1.5.9)
    mail (2.6.3)
      mime-types (>= 1.16, < 3)
    mailcatcher (0.6.2)
      activesupport (>= 4.0.0, < 5)
      eventmachine (= 1.0.8)
      mail (~> 2.3)
      sinatra (~> 1.2)
      skinny (~> 0.2.3)
      sqlite3 (~> 1.3)
      thin (~> 1.5.0)
    mandrill-api (1.0.52)
      excon (>= 0.16.0, < 1.0)
      json (>= 1.7.7, < 2.0)
    metaclass (0.0.1)
    mime-types (2.99.1)
    mini_portile2 (2.1.0)
    minitest (5.10.1)
    mocha (0.14.0)
      metaclass (~> 0.0.1)
    multi_json (1.11.3)
    multi_xml (0.5.5)
    multipart-post (2.0.0)
    mysql2 (0.3.20)
    net-scp (1.2.1)
      net-ssh (>= 2.6.5)
    net-sftp (2.1.2)
      net-ssh (>= 2.6.5)
    net-ssh (3.0.1)
    net-ssh-gateway (1.2.0)
      net-ssh (>= 2.6.5)
    netrc (0.11.0)
    newrelic_rpm (3.15.0.314)
    nokogiri (1.6.8)
      mini_portile2 (~> 2.1.0)
      pkg-config (~> 1.1.7)
    nokogiri-happymapper (0.5.9)
      nokogiri (~> 1.5)
    nori (2.6.0)
    options (2.3.0)
      fattr
    orm_adapter (0.5.0)
    paperclip (3.4.2)
      activemodel (>= 3.0.0)
      activerecord (>= 3.0.0)
      activesupport (>= 3.0.0)
      cocaine (~> 0.5.0)
      mime-types
    paranoia (2.1.3)
      activerecord (~> 4.0)
    pivotal-tracker (0.5.13)
      builder
      crack
      nokogiri (>= 1.5.5)
      nokogiri-happymapper (>= 0.5.4)
      rest-client (>= 1.8.0)
    pkg-config (1.1.7)
    premailer (1.8.7)
      css_parser (>= 1.4.5)
      htmlentities (>= 4.0.0)
    premailer-rails (1.9.4)
      actionmailer (>= 3, < 6)
      premailer (~> 1.7, >= 1.7.9)
    progress_bar (1.0.0)
      highline (~> 1.6.1)
      options (~> 2.3.0)
    quiet_assets (1.0.2)
      railties (>= 3.1, < 5.0)
    rack (1.6.4)
    rack-accept (0.4.5)
      rack (>= 0.4)
    rack-cors (0.4.0)
    rack-oauth2 (1.4.0)
      activesupport (>= 2.3)
      attr_required (>= 0.0.5)
      httpclient (>= 2.4)
      multi_json (>= 1.3.6)
      rack (>= 1.1)
    rack-protection (1.5.3)
      rack
    rack-test (0.6.3)
      rack (>= 1.0)
    rails (4.2.3)
      actionmailer (= 4.2.3)
      actionpack (= 4.2.3)
      actionview (= 4.2.3)
      activejob (= 4.2.3)
      activemodel (= 4.2.3)
      activerecord (= 4.2.3)
      activesupport (= 4.2.3)
      bundler (>= 1.3.0, < 2.0)
      railties (= 4.2.3)
      sprockets-rails
    rails-deprecated_sanitizer (1.0.3)
      activesupport (>= 4.2.0.alpha)
    rails-dom-testing (1.0.7)
      activesupport (>= 4.2.0.beta, < 5.0)
      nokogiri (~> 1.6.0)
      rails-deprecated_sanitizer (>= 1.0.1)
    rails-erd (1.1.0)
      activerecord (>= 3.0)
      activesupport (>= 3.0)
      choice (~> 0.1.6)
      ruby-graphviz (~> 1.0.4)
    rails-html-sanitizer (1.0.3)
      loofah (~> 2.0)
    railties (4.2.3)
      actionpack (= 4.2.3)
      activesupport (= 4.2.3)
      rake (>= 0.8.7)
      thor (>= 0.18.1, < 2.0)
    rake (10.4.2)
    redcarpet (2.3.0)
    request_store (1.3.1)
    responders (2.1.0)
      railties (>= 4.2.0, < 5)
    rest-client (1.8.0)
      http-cookie (>= 1.0.2, < 2.0)
      mime-types (>= 1.16, < 3.0)
      netrc (~> 0.7)
    ruby-graphviz (1.0.9)
    ruby-prof (0.13.0)
    ruby2ruby (2.0.5)
      ruby_parser (~> 3.1)
      sexp_processor (~> 4.0)
    ruby_parser (3.1.3)
      sexp_processor (~> 4.1)
    rubyzip (1.0.0)
    rvm-capistrano (1.3.0)
      capistrano (>= 2.0.0)
    safe_yaml (1.0.4)
    sass (3.4.19)
    sass-rails (5.0.4)
      railties (>= 4.0.0, < 5.0)
      sass (~> 3.1)
      sprockets (>= 2.8, < 4.0)
      sprockets-rails (>= 2.0, < 4.0)
      tilt (>= 1.1, < 3)
    savon (2.11.1)
      akami (~> 1.2)
      builder (>= 2.1.2)
      gyoku (~> 1.2)
      httpi (~> 2.3)
      nokogiri (>= 1.4.0)
      nori (~> 2.4)
      wasabi (~> 3.4)
    scatter_swap (0.0.3)
    select2-rails (4.0.3)
      thor (~> 0.14)
    selenium-webdriver (2.53.4)
      childprocess (~> 0.5)
      rubyzip (~> 1.0)
      websocket (~> 1.0)
    settingslogic (2.0.8)
    sexp_processor (4.2.1)
    simple_oauth (0.1.9)
    simplecov (0.7.1)
      multi_json (~> 1.0)
      simplecov-html (~> 0.7.1)
    simplecov-html (0.7.1)
    sinatra (1.4.6)
      rack (~> 1.4)
      rack-protection (~> 1.4)
      tilt (>= 1.3, < 3)
    skinny (0.2.4)
      eventmachine (~> 1.0.0)
      thin (>= 1.5, < 1.7)
    slim (1.3.9)
      temple (~> 0.6.3)
      tilt (~> 1.3, >= 1.3.3)
    sprockets (3.4.0)
      rack (> 1, < 3)
    sprockets-rails (2.3.3)
      actionpack (>= 3.0)
      activesupport (>= 3.0)
      sprockets (>= 2.8, < 4.0)
    sqlite3 (1.3.11)
    state_machine (1.1.2)
    temple (0.6.5)
    terminal-table (1.4.5)
    thin (1.5.1)
      daemons (>= 1.0.9)
      eventmachine (>= 0.12.6)
      rack (>= 1.0.0)
    thor (0.19.1)
    thread_safe (0.3.5)
    tilt (1.4.1)
    timecop (0.6.1)
    timeliness (0.3.8)
    tinder (1.4.1)
      activesupport
      eventmachine
      httparty
      mime-types
      twitter-stream
    tire (0.6.2)
      activemodel (>= 3.0)
      activesupport
      ansi
      hashr (~> 0.0.19)
      multi_json (~> 1.3)
      rake
      rest-client (~> 1.6)
    turnout (2.3.1)
      rack (~> 1.3)
      rack-accept (~> 0.4)
      tilt (>= 1.4, < 3)
    twitter-bootstrap-rails (2.2.7)
      actionpack (>= 3.1)
      execjs
      rails (>= 3.1)
      railties (>= 3.1)
    twitter-stream (0.1.16)
      eventmachine (>= 0.12.8)
      http_parser.rb (~> 0.5.1)
      simple_oauth (~> 0.1.4)
    tzinfo (1.2.2)
      thread_safe (~> 0.1)
    uglifier (2.7.2)
      execjs (>= 0.3.0)
      json (>= 1.8.0)
    unf (0.1.4)
      unf_ext
    unf_ext (0.0.7.2)
    unicode_utils (1.4.0)
    url_safe_base64 (0.2.2)
    uuidtools (2.1.4)
    validates_timeliness (4.0.2)
      timeliness (~> 0.3.7)
    warden (1.2.3)
      rack (>= 1.0)
    wasabi (3.5.0)
      httpi (~> 2.0)
      nokogiri (>= 1.4.2)
    websocket (1.2.3)
    will_paginate (3.0.4)
    wirble (0.1.3)
    xml-mapping (0.9.1)
    xml-object (0.9.93)
    xpath (2.0.0)
      nokogiri (~> 1.3)
    yard-rest (1.1.4)
      yard (~> 0.8.1)

PLATFORMS
  ruby

DEPENDENCIES
  LitleOnline (= 8.16.0)
  activemerchant
  acts_as_list
  aws-sdk (< 2.0)
  axlsx (~> 2.0.1)
  bootstrap-will_paginate
  brakeman
  bureaucrat
  byebug
  cancan
  capistrano (= 2.15.4)
  capybara
  carmen-rails
  coffee-rails
  connection_pool
  country_code_select (~> 1.0.0)
  daemons
  data-confirm-modal!
  delayed_job_active_record
  delayed_job_web
  devise
  devise-async
  devise-encryptable
  easy_roles
  encryptor
  enum_help
  exact_target_sdk!
  exception_notification!
  factory_girl_rails
  faker!
  faraday (>= 0.9.1)
  faraday_middleware (>= 0.9.0)
  fat_fingers!
  fb_graph2
  foreman
  friendly_id (~> 5.1.0)
  gibbon!
  hashie
  i18n-country-translations
  jquery-datatables!
  jquery-rails
  jquery-ui-rails
  json (= 1.8.3)
  mailcatcher
  mandrill-api
  minitest (~> 5.1)
  mocha
  mysql2 (~> 0.3.18)
  newrelic_rpm
  nokogiri
  paperclip (~> 3.0)
  paranoia (~> 2.0)
  pivotal-tracker
  premailer-rails
  progress_bar
  quiet_assets
  rack-bug!
  rack-cors
  rails (= 4.2.3)
  rails-erd
  rake (= 10.4.2)
  redcarpet
  request_store
  ruby-prof
  rvm-capistrano
  sass-rails
  scatter_swap
  select2-rails
  selenium-webdriver (>= 2.53.0)
  settingslogic (= 2.0.8)
  simplecov
  state_machine (= 1.1.2)
  timecop
  tinder
  tire
  turnout
  twitter-bootstrap-rails (= 2.2.7)
  uglifier
  uuidtools
  validates_timeliness (~> 4.0)
  wirble
  yard!
  yard-rest

BUNDLED WITH
   1.13.6
